GEM
  remote: http://rubygems.org/
  specs:
    actionmailer (2.3.9)
      actionpack (= 2.3.9)
    actionpack (2.3.9)
      activesupport (= 2.3.9)
      rack (~> 1.1.0)
    activerecord (2.3.9)
      activesupport (= 2.3.9)
    activeresource (2.3.9)
      activesupport (= 2.3.9)
    activesupport (2.3.9)
    authlogic (2.1.6)
      activesupport
    chronic (0.2.3)
      hoe (>= 1.2.1)
    haml (2.2.24)
    hoe (2.12.3)
      rake (~> 0.8)
    pg (0.11.0)
    rack (1.1.2)
    rails (2.3.9)
      actionmailer (= 2.3.9)
      actionpack (= 2.3.9)
      activerecord (= 2.3.9)
      activeresource (= 2.3.9)
      activesupport (= 2.3.9)
      rake (>= 0.8.3)
    rake (0.9.2)

PLATFORMS
  ruby

DEPENDENCIES
  authlogic (~> 2.1.3)
  chronic (= 0.2.3)
  haml (~> 2.2.0)
  pg
  rails (= 2.3.9)
